GEM
  remote: http://rubygems.org/
  specs:
    addressable (2.5.0)
      public_suffix (~> 2.0, >= 2.0.2)
    builder (3.2.2)
    childprocess (0.5.9)
      ffi (~> 1.0, >= 1.0.11)
    colorator (1.1.0)
    cucumber (2.4.0)
      builder (>= 2.1.2)
      cucumber-core (~> 1.5.0)
      cucumber-wire (~> 0.0.1)
      diff-lcs (>= 1.1.3)
      gherkin (~> 4.0)
      multi_json (>= 1.7.5, < 2.0)
      multi_test (>= 0.1.2)
    cucumber-core (1.5.0)
      gherkin (~> 4.0)
    cucumber-wire (0.0.1)
    diff-lcs (1.2.5)
    ffi (1.9.14)
    forwardable-extended (2.6.0)
    gherkin (4.0.0)
    jekyll (3.3.1)
      addressable (~> 2.4)
      colorator (~> 1.0)
      jekyll-sass-converter (~> 1.0)
      jekyll-watch (~> 1.1)
      kramdown (~> 1.3)
      liquid (~> 3.0)
      mercenary (~> 0.3.3)
      pathutil (~> 0.9)
      rouge (~> 1.7)
      safe_yaml (~> 1.0)
    jekyll-sass-converter (1.5.0)
      sass (~> 3.4)
    jekyll-watch (1.5.0)
      listen (~> 3.0, < 3.1)
    kramdown (1.13.1)
    liquid (3.0.6)
    listen (3.0.8)
      rb-fsevent (~> 0.9, >= 0.9.4)
      rb-inotify (~> 0.9, >= 0.9.7)
    mercenary (0.3.6)
    minitest (5.10.1)
    multi_json (1.12.1)
    multi_test (0.1.2)
    pathutil (0.14.0)
      forwardable-extended (~> 2.6)
    public_suffix (2.0.4)
    rake (12.0.0)
    rb-fsevent (0.9.8)
    rb-inotify (0.9.7)
      ffi (>= 0.5.0)
    rouge (1.11.1)
    rubyzip (1.2.0)
    safe_yaml (1.0.4)
    sass (3.4.23)
    selenium-webdriver (3.0.5)
      childprocess (~> 0.5)
      rubyzip (~> 1.0)
      websocket (~> 1.0)
    websocket (1.2.3)

PLATFORMS
  ruby

DEPENDENCIES
  cucumber
  jekyll
  kramdown
  minitest
  rake
  selenium-webdriver

BUNDLED WITH
   1.13.7
